GEM
  remote: https://rubygems.org/
  specs:
    rouge (3.28.0)
    xcpretty (0.4.0)
      rouge (~> 3.28.0)

PLATFORMS
  arm64-darwin-24
  ruby

DEPENDENCIES
  xcpretty (~> 0.4.0)

BUNDLED WITH
   2.5.21
